GEM
  remote: https://rubygems.org/
  specs:
    cri (2.1.0)
    faster_xml_simple (0.5.0)
      libxml-ruby (>= 0.3.8.4)
    gosu (0.13.3)
    gosu (0.13.3-x86-mingw32)
    httpclient (2.8.3)
    json (2.1.0)
    libxml-ruby (3.1.0)
    mini_portile2 (2.3.0)
    net-github-upload (0.0.8)
      faster_xml_simple
      httpclient
      json
      nokogiri (>= 1.4.0)
    nokogiri (1.8.2)
      mini_portile2 (~> 2.3.0)
    nokogiri (1.8.2-x86-mingw32)
      mini_portile2 (~> 2.3.0)
    ocra (1.3.10)
    rake (0.9.2.2)
    releasy (0.2.2)
      cri (~> 2.1.0)
      net-github-upload (~> 0.0.8)
      ocra (~> 1.3.0)
      rake (~> 0.9.2.2)
      thor (~> 0.14.6)
    thor (0.14.6)

PLATFORMS
  ruby
  x86-mingw32

DEPENDENCIES
  gosu
  rake
  releasy

BUNDLED WITH
   1.16.1
